GIT
  remote: git://github.com/magicienap/jeweler.git
  revision: e9e3ff07fb93ee546905ea1781003e3d1488fe79
  specs:
    jeweler (1.8.3)
      bundler (~> 1.0)
      git (>= 1.2.5)
      rake
      rdoc

GEM
  remote: http://rubygems.org/
  specs:
    diff-lcs (1.1.3)
    ffi (1.0.11)
    git (1.2.5)
    guard (1.0.3)
      ffi (>= 0.5.0)
      thor (>= 0.14.6)
    guard-bundler (0.1.3)
      bundler (>= 1.0.0)
      guard (>= 0.2.2)
    guard-rspec (0.7.3)
      guard (>= 0.10.0)
    json (1.7.3)
    multi_json (1.3.5)
    rake (0.9.2.2)
    rdoc (3.12)
      json (~> 1.4)
    redcarpet (2.1.1)
    rspec (2.10.0)
      rspec-core (~> 2.10.0)
      rspec-expectations (~> 2.10.0)
      rspec-mocks (~> 2.10.0)
    rspec-core (2.10.1)
    rspec-expectations (2.10.0)
      diff-lcs (~> 1.1.3)
    rspec-mocks (2.10.1)
    simplecov (0.6.4)
      multi_json (~> 1.0)
      simplecov-html (~> 0.5.3)
    simplecov-html (0.5.3)
    thor (0.15.2)
    yard (0.8.1)

PLATFORMS
  ruby

DEPENDENCIES
  bundler
  guard
  guard-bundler
  guard-rspec
  jeweler!
  redcarpet
  rspec
  simplecov
  yard
